GEM
  remote: https://rubygems.org/
  specs:
    chunky_png (1.3.12)
    pastel (0.8.0)
      tty-color (~> 0.5)
    tty-color (0.5.2)
    tty-cursor (0.7.1)
    tty-font (0.5.0)
    tty-prompt (0.22.0)
      pastel (~> 0.8)
      tty-reader (~> 0.8)
    tty-reader (0.8.0)
      tty-cursor (~> 0.7)
      tty-screen (~> 0.8)
      wisper (~> 2.0)
    tty-screen (0.8.1)
    wisper (2.0.1)

PLATFORMS
  ruby

DEPENDENCIES
  chunky_png (~> 1.3)
  pastel (~> 0.8.0)
  tty-font (~> 0.5.0)
  tty-prompt (~> 0.22.0)

BUNDLED WITH
   2.1.4
